GEM
  remote: http://rubygems.org/
  specs:
    ZenTest (4.7.0)
    autotest (4.4.6)
      ZenTest (>= 4.4.1)
    builder (3.0.0)
    childprocess (0.2.2)
      ffi (~> 1.0.6)
    cucumber (1.1.9)
      builder (>= 2.1.2)
      diff-lcs (>= 1.1.2)
      gherkin (~> 2.9.0)
      json (>= 1.4.6)
      term-ansicolor (>= 1.0.6)
    diff-lcs (1.1.3)
    ffi (1.0.10)
    gherkin (2.9.3)
      json (>= 1.4.6)
    json (1.6.6)
    json_pure (1.6.1)
    rspec (2.9.0)
      rspec-core (~> 2.9.0)
      rspec-expectations (~> 2.9.0)
      rspec-mocks (~> 2.9.0)
    rspec-core (2.9.0)
    rspec-expectations (2.9.1)
      diff-lcs (~> 1.1.3)
    rspec-mocks (2.9.0)
    rubyzip (0.9.4)
    selenium-webdriver (2.8.0)
      childprocess (>= 0.2.1)
      ffi (>= 1.0.7)
      json_pure
      rubyzip
    term-ansicolor (1.0.7)
    test-unit (2.4.8)

PLATFORMS
  ruby

DEPENDENCIES
  autotest
  cucumber
  rspec
  selenium-webdriver
  test-unit
